GIT
  remote: https://github.com/sass/sass.git
  revision: 4989ff72ba3fa39071ec937e866e8f38d146ddc5
  branch: stable
  specs:
    sass (3.4.23)

PATH
  remote: .
  specs:
    sass-spec (3.3.3)
      command_line_reporter (~> 3.0)
      diffy (~> 3.1)
      minitest (~> 5.8)
      ruby-terminfo (~> 0.1.1)

GEM
  remote: https://rubygems.org/
  specs:
    colored (1.2)
    command_line_reporter (3.3.6)
      colored (>= 1.2)
    diffy (3.1.0)
    minitest (5.10.1)
    ruby-terminfo (0.1.1)

PLATFORMS
  ruby

DEPENDENCIES
  bundler (~> 1.7)
  sass!
  sass-spec!

BUNDLED WITH
   1.13.7
